PATH
  remote: .
  specs:
    chaining (0.1.0)
      classifier
      digest
      eqn
      ipfs-api
      matrix
      nickel
      pstore
      rackup
      redcarpet
      ruby-units
      sinatra

GEM
  remote: https://rubygems.org/
  specs:
    base64 (0.2.0)
    classifier (1.4.4)
      fast-stemmer (~> 1.0)
      mutex_m (~> 0.2)
      rake
    digest (3.1.1)
    eqn (1.6.5)
      treetop (>= 1.2.0)
    fast-stemmer (1.0.2)
    ipfs-api (0.4.0)
    matrix (0.4.2)
    mustermann (3.0.2)
      ruby2_keywords (~> 0.0.1)
    mutex_m (0.2.0)
    nickel (0.1.6)
    polyglot (0.3.5)
    pstore (0.1.3)
    rack (3.1.7)
    rack-protection (4.0.0)
      base64 (>= 0.1.0)
      rack (>= 3.0.0, < 4)
    rack-session (2.0.0)
      rack (>= 3.0.0)
    rackup (2.1.0)
      rack (>= 3)
      webrick (~> 1.8)
    rake (13.2.1)
    redcarpet (3.6.0)
    ruby-units (4.1.0)
    ruby2_keywords (0.0.5)
    sinatra (4.0.0)
      mustermann (~> 3.0)
      rack (>= 3.0.0, < 4)
      rack-protection (= 4.0.0)
      rack-session (>= 2.0.0, < 3)
      tilt (~> 2.0)
    tilt (2.4.0)
    treetop (1.6.12)
      polyglot (~> 0.3)
    webrick (1.8.1)

PLATFORMS
  ruby
  x86_64-linux

DEPENDENCIES
  chaining!
  rake (~> 13.0)

BUNDLED WITH
   2.5.4
